GEM
  remote: https://rubygems.org/
  specs:
    arrayfields (4.9.0)
    chronic (0.9.1)
    columnize (0.3.6)
    debugger (1.2.2)
      columnize (>= 0.3.1)
      debugger-linecache (~> 1.1.1)
      debugger-ruby_core_source (~> 1.1.5)
    debugger-linecache (1.1.2)
      debugger-ruby_core_source (>= 1.1.1)
    debugger-ruby_core_source (1.1.5)
    fattr (2.2.1)
    main (5.2.0)
      arrayfields (>= 4.7.4)
      chronic (>= 0.6.2)
      fattr (>= 2.2.0)
      map (>= 5.1.0)
    map (6.5.1)
    paint (0.8.6)

PLATFORMS
  ruby

DEPENDENCIES
  debugger
  main
  paint
